PATH
  remote: .
  specs:
    watir-classic (3.2.0)
      ffi (~> 1.0)
      multi_json
      nokogiri
      rautomation (~> 0.7.2)
      user-choices
      win32-process (>= 0.5.5)
      win32screenshot
      windows-pr (>= 0.6.6)

GEM
  remote: http://rubygems.org/
  specs:
    builder (3.1.3)
    childprocess (0.3.4)
      ffi (~> 1.0, >= 1.0.6)
    diff-lcs (1.1.3)
    ffi (1.1.3-x86-mingw32)
    hoe (3.0.8)
      rake (~> 0.8)
    mini_magick (3.2.1)
      subexec (~> 0.0.4)
    multi_json (1.3.6)
    nokogiri (1.5.5-x86-mingw32)
    rack (1.4.1)
    rack-protection (1.2.0)
      rack
    rake (0.9.2.2)
    rautomation (0.7.2)
    rspec (2.11.0)
      rspec-core (~> 2.11.0)
      rspec-expectations (~> 2.11.0)
      rspec-mocks (~> 2.11.0)
    rspec-core (2.11.1)
    rspec-expectations (2.11.2)
      diff-lcs (~> 1.1.3)
    rspec-mocks (2.11.1)
    s4t-utils (1.0.4)
      hoe (>= 1.3.0)
    sinatra (1.3.2)
      rack (~> 1.3, >= 1.3.6)
      rack-protection (~> 1.2)
      tilt (~> 1.3, >= 1.3.3)
    subexec (0.0.4)
    syntax (1.0.0)
    tilt (1.3.3)
    user-choices (1.1.6.1)
      builder (>= 2.1.2)
      s4t-utils (>= 1.0.3)
      xml-simple (>= 1.0.11)
    win32-api (1.4.8-x86-mingw32)
    win32-process (0.7.0)
      ffi (>= 1.0.0)
    win32screenshot (1.0.7)
      ffi (~> 1.0)
      mini_magick (~> 3.2.1)
      rautomation (~> 0.7.0)
    windows-api (0.4.2)
      win32-api (>= 1.4.5)
    windows-pr (1.2.2)
      win32-api (>= 1.4.5)
      windows-api (>= 0.3.0)
    xml-simple (1.1.1)
    yard (0.8.2.1)

PLATFORMS
  x86-mingw32

DEPENDENCIES
  childprocess
  rspec (~> 2.3)
  sinatra
  syntax
  watir-classic!
  yard
